PATH
  remote: .
  specs:
    terminitor (0.3.1)
      github (~> 0.4.5)
      thor (~> 0.14.0)

GEM
  remote: http://rubygems.org/
  specs:
    fakefs (0.2.1)
    github (0.4.5)
      highline (~> 1.5.1)
      json (>= 1.2.0)
      text-format (>= 1.0.0)
    highline (1.5.2)
    json (2.3.1)
    riot (0.12.0)
      rr
      term-ansicolor
    rr (1.0.2)
    term-ansicolor (1.0.5)
    text-format (1.0.0)
      text-hyphen (~> 1.0.0)
    text-hyphen (1.0.0)
    thor (0.14.6)

PLATFORMS
  ruby

DEPENDENCIES
  bundler (~> 1.0.0)
  fakefs
  riot (~> 0.12.0)
  rr (~> 1.0.0)
  terminitor!
